GIT
  remote: https://github.com/stefansundin/prometheus-client.git
  revision: fc179858e6e00a13a649dbdaa5b7de67fa68b1a5
  branch: master
  specs:
    prometheus-client (2.0.0)

GEM
  remote: https://rubygems.org/
  specs:
    addressable (2.7.0)
      public_suffix (>= 2.0.2, < 5.0)
    airbrake (11.0.0)
      airbrake-ruby (~> 5.0)
    airbrake-ruby (5.0.2)
      rbtree3 (~> 0.5)
    coderay (1.1.3)
    concurrent-ruby (1.1.7)
    crass (1.0.6)
    dotenv (2.7.6)
    feedjira (3.1.1)
      loofah (>= 2.3.1)
      sax-machine (>= 1.0)
    github-release-party (0.3.5)
      rake (>= 12)
    heroku-env (0.1.4)
    io-console (0.5.6)
    irb (1.2.6)
      reline (>= 0.1.5)
    loofah (2.7.0)
      crass (~> 1.0.2)
      nokogiri (>= 1.5.9)
    method_source (1.0.0)
    mini_portile2 (2.4.0)
    multi_json (1.15.0)
    mustermann (1.1.1)
      ruby2_keywords (~> 0.0.1)
    newrelic_rpm (6.13.0)
    nio4r (2.5.4)
    nokogiri (1.10.10)
      mini_portile2 (~> 2.4.0)
    opengraph_parser (0.2.3)
      addressable
      nokogiri
    powder (0.4.0)
      thor (>= 0.11.5)
    pry (0.13.1)
      coderay (~> 1.1)
      method_source (~> 1.0)
    pry-remote (0.1.8)
      pry (~> 0.9)
      slop (~> 3.0)
    public_suffix (4.0.6)
    puma (4.3.6)
      nio4r (~> 2.0)
    rack (2.2.3)
    rack-protection (2.1.0)
      rack
    rack-ssl-enforcer (0.2.9)
    rake (13.0.1)
    rbtree3 (0.6.0)
    redis (4.2.2)
    redis-namespace (1.8.0)
      redis (>= 3.0.4)
    reline (0.1.5)
      io-console (~> 0.5)
    ruby2_keywords (0.0.2)
    sax-machine (1.3.2)
    secure_headers (6.3.1)
    sinatra (2.1.0)
      mustermann (~> 1.0)
      rack (~> 2.2)
      rack-protection (= 2.1.0)
      tilt (~> 2.0)
    sinatra-contrib (2.1.0)
      multi_json
      mustermann (~> 1.0)
      rack-protection (= 2.1.0)
      sinatra (= 2.1.0)
      tilt (~> 2.0)
    slop (3.6.0)
    thor (1.0.1)
    tilt (2.0.10)
    tzinfo (2.0.2)
      concurrent-ruby (~> 1.0)
    yajl-ruby (1.4.1)

PLATFORMS
  ruby

DEPENDENCIES
  addressable
  airbrake
  dotenv
  feedjira
  github-release-party
  heroku-env
  irb
  newrelic_rpm
  nokogiri
  opengraph_parser
  powder
  prometheus-client!
  pry-remote
  puma (~> 4.3)
  rack
  rack-ssl-enforcer
  rake
  redis
  redis-namespace
  secure_headers
  sinatra
  sinatra-contrib
  tzinfo
  yajl-ruby

RUBY VERSION
   ruby 2.7.1p83

BUNDLED WITH
   2.1.4
